GEM
  remote: https://rubygems.org/
  specs:
    Saikuro (1.1.0)
    activemodel (3.2.9)
      activesupport (= 3.2.9)
      builder (~> 3.0.0)
    activesupport (3.2.9)
      i18n (~> 0.6)
      multi_json (~> 1.0)
    addressable (2.3.2)
    arrayfields (4.7.4)
    awesome_print (1.0.2)
    builder (3.0.4)
    charlock_holmes (0.6.9)
    chronic (0.3.0)
    churn (0.0.13)
      chronic (>= 0.2.3)
      hirb
      json_pure
      main
      ruby_parser (~> 2.0.4)
      sexp_processor (~> 3.0.3)
    coderay (1.0.8)
    colored (1.2)
    crack (0.3.1)
    diff-lcs (1.1.3)
    erubis (2.7.0)
    fattr (2.2.1)
    flay (1.4.3)
      ruby_parser (~> 2.0)
      sexp_processor (~> 3.0)
    flog (2.5.3)
      ruby_parser (~> 2.0)
      sexp_processor (~> 3.0)
    grackle (0.2.1)
      json
      mime-types
      oauth
    guard (1.5.4)
      listen (>= 0.4.2)
      lumberjack (>= 1.0.2)
      pry (>= 0.9.10)
      thor (>= 0.14.6)
    guard-rspec (2.3.3)
      guard (>= 1.1)
      rspec (~> 2.11)
    hirb (0.7.0)
    i18n (0.6.1)
    json (1.7.5)
    json_pure (1.7.3)
    listen (0.6.0)
    lumberjack (1.0.2)
    main (4.7.1)
    map (6.2.0)
    method_source (0.8.1)
    metric_fu (2.1.1)
      Saikuro (>= 1.1.0)
      activesupport (>= 2.0.0)
      chronic (~> 0.3.0)
      churn (>= 0.0.7)
      flay (>= 1.2.1)
      flog (>= 2.3.0)
      rails_best_practices (>= 0.6.4)
      rcov (>= 0.8.3.3)
      reek (>= 1.2.6)
      roodi (>= 2.1.0)
      syntax
    metrical (0.1.0)
      metric_fu (~> 2.1.1)
      rcov (~> 0.9)
    mime-types (1.19)
    mongoid (3.0.15)
      activemodel (~> 3.1)
      moped (~> 1.1)
      origin (~> 1.0)
      tzinfo (~> 0.3.22)
    moped (1.3.1)
    morph (0.3.4)
      activesupport (>= 2.0.2)
    multi_json (1.5.0)
    nokogiri (1.5.5)
    oauth (0.4.7)
    origin (1.0.11)
    progressbar (0.11.0)
    pry (0.9.10)
      coderay (~> 1.0.5)
      method_source (~> 0.8)
      slop (~> 3.3.1)
    rails_best_practices (1.10.1)
      activesupport
      awesome_print
      colored
      erubis
      i18n
      progressbar
      sexp_processor
    rake (0.9.2.2)
    rb-fsevent (0.9.1)
    rcov (0.9.11)
    reek (1.2.12)
      ripper_ruby_parser (~> 0.0.7)
      ruby2ruby (~> 1.2.5)
      ruby_parser (~> 2.0)
      sexp_processor (~> 3.0)
    ripper_ruby_parser (0.0.8)
      sexp_processor (~> 3.0)
    roodi (2.1.0)
      ruby_parser
    rspec (2.11.0)
      rspec-core (~> 2.11.0)
      rspec-expectations (~> 2.11.0)
      rspec-mocks (~> 2.11.0)
    rspec-core (2.11.0)
    rspec-expectations (2.11.1)
      diff-lcs (~> 1.1.3)
    rspec-mocks (2.11.0)
    ruby2ruby (1.2.5)
      ruby_parser (~> 2.0)
      sexp_processor (~> 3.0)
    ruby_parser (2.0.6)
      sexp_processor (~> 3.0)
    sexp_processor (3.0.10)
    slop (3.3.3)
    syntax (1.0.0)
    thor (0.16.0)
    tzinfo (0.3.35)
    webmock (1.9.0)
      addressable (>= 2.2.7)
      crack (>= 0.1.7)

PLATFORMS
  ruby

DEPENDENCIES
  arrayfields
  charlock_holmes
  fattr
  grackle
  guard-rspec
  json
  map
  metrical
  mongoid
  morph
  nokogiri
  rake
  rb-fsevent
  rspec
  webmock
